GEM
  remote: https://rubygems.org/
  specs:
    RedCloth (4.2.9)
    activemodel (3.0.20)
      activesupport (= 3.0.20)
      builder (~> 2.1.2)
      i18n (~> 0.5.0)
    activerecord (3.0.20)
      activemodel (= 3.0.20)
      activesupport (= 3.0.20)
      arel (~> 2.0.10)
      tzinfo (~> 0.3.23)
    activesupport (3.0.20)
    acts_as_versioned (0.6.0)
      activerecord (~> 3.0.0.beta4)
    arel (2.0.10)
    builder (2.1.2)
    i18n (0.5.3)
    tzinfo (0.3.39)

PLATFORMS
  ruby

DEPENDENCIES
  RedCloth
  acts_as_versioned
